GEM
  remote: http://rubygems.org/
  specs:
    callsign (2.2.0)
      hashie
      json
    diff-lcs (1.1.3)
    faraday (0.8.1)
      multipart-post (~> 1.1)
    faraday_middleware (0.8.7)
      faraday (>= 0.7.4, < 0.9)
    fcc_reboot (0.2.3)
      faraday (~> 0.7)
      faraday_middleware (~> 0.8)
      hashie (~> 1.2)
      json (~> 1.6)
      multi_json (~> 1.3)
    hashie (1.2.0)
    json (1.7.3)
    multi_json (1.3.6)
    multipart-post (1.1.5)
    rspec (2.10.0)
      rspec-core (~> 2.10.0)
      rspec-expectations (~> 2.10.0)
      rspec-mocks (~> 2.10.0)
    rspec-core (2.10.1)
    rspec-expectations (2.10.0)
      diff-lcs (~> 1.1.3)
    rspec-mocks (2.10.1)
    thor (0.15.2)

PLATFORMS
  ruby

DEPENDENCIES
  callsign (= 2.2.0)
  fcc_reboot
  rspec
  thor
